GEM
  remote: https://rubygems.org/
  specs:
    activemodel (4.1.0.beta1)
      activesupport (= 4.1.0.beta1)
      builder (~> 3.1)
    activesupport (4.1.0.beta1)
      i18n (~> 0.6, >= 0.6.9)
      json (~> 1.7, >= 1.7.7)
      minitest (~> 5.1)
      thread_safe (~> 0.1)
      tzinfo (~> 1.1)
    addressable (2.3.5)
    atomic (1.1.14)
    builder (3.2.2)
    caldecott-client (0.0.2)
      multi_json (~> 1.3)
    cf (5.4.5)
      addressable
      caldecott-client (~> 0.0.2)
      cfoundry (~> 4.7.1.rc1)
      interact (>= 0.5)
      json_pure
      mothership (>= 0.5.1)
      multi_json (~> 1.3)
      rest-client (~> 1.6)
      uuidtools (~> 2.1)
    cf-uaa-lib (2.0.1)
      multi_json
    cfoundry (4.7.2.rc1)
      activemodel (>= 3.2.13, < 5.0.0)
      cf-uaa-lib (~> 2.0.1)
      multi_json (~> 1.7)
      multipart-post (~> 1.1)
      rubyzip (~> 0.9)
    diff-lcs (1.2.4)
    i18n (0.6.9)
    interact (0.5.2)
    json (1.8.1)
    json_pure (1.8.1)
    mime-types (2.1)
    minitest (5.2.2)
    mothership (0.5.1)
    multi_json (1.8.4)
    multipart-post (1.2.0)
    rest-client (1.6.7)
      mime-types (>= 1.16)
    rspec (2.14.1)
      rspec-core (~> 2.14.0)
      rspec-expectations (~> 2.14.0)
      rspec-mocks (~> 2.14.0)
    rspec-core (2.14.7)
    rspec-expectations (2.14.3)
      diff-lcs (>= 1.1.3, < 2.0)
    rspec-mocks (2.14.4)
    rubyzip (0.9.9)
    thread_safe (0.1.3)
      atomic
    tzinfo (1.1.0)
      thread_safe (~> 0.1)
    uuidtools (2.1.4)

PLATFORMS
  x86-mingw32

DEPENDENCIES
  cf (>= 5.4.5)
  rspec (~> 2.14.1)
